GIT
  remote: git://github.com/dustalov/serious.git
  revision: 9e2258c292948387c096ee316d845c84ee0ef81d
  specs:
    serious (0.3.2)
      builder (>= 2.1.2)
      i18n (>= 0.6.0)
      sinatra (>= 1.0.0)
      stupid_formatter (>= 0.2.0)

GEM
  remote: http://rubygems.org/
  specs:
    builder (3.2.2)
    coderay (1.1.0)
    daemons (1.2.3)
    eventmachine (1.0.8)
    i18n (0.7.0)
    rack (1.6.4)
    rack-protection (1.5.3)
      rack
    rake (10.4.2)
    rdiscount (2.1.8)
    sinatra (1.4.6)
      rack (~> 1.4)
      rack-protection (~> 1.4)
      tilt (>= 1.3, < 3)
    stupid_formatter (0.2.0)
      coderay (>= 0.9.0)
      rdiscount (>= 1.5.0)
    thin (1.6.4)
      daemons (~> 1.0, >= 1.0.9)
      eventmachine (~> 1.0, >= 1.0.4)
      rack (~> 1.0)
    tilt (2.0.1)

PLATFORMS
  ruby

DEPENDENCIES
  rake
  serious!
  thin

BUNDLED WITH
   1.10.6
