GEM
  remote: http://rubygems.org/
  specs:
    builder (3.0.0)
    coderay (1.0.0)
    rack (1.3.3)
    rake (0.9.2)
    rdiscount (1.6.8)
    serious (0.3.2)
      builder (>= 2.1.2)
      sinatra (>= 1.0.0)
      stupid_formatter (>= 0.2.0)
    sinatra (1.2.6)
      rack (~> 1.1)
      tilt (< 2.0, >= 1.2.2)
    stupid_formatter (0.2.0)
      coderay (>= 0.9.0)
      rdiscount (>= 1.5.0)
    tilt (1.3.3)

PLATFORMS
  ruby

DEPENDENCIES
  rake
  serious
