GIT
  remote: git://github.com/ustalov/serious.git
  revision: 9e2258c292948387c096ee316d845c84ee0ef81d
  specs:
    serious (0.3.2)
      builder (>= 2.1.2)
      i18n (>= 0.6.0)
      sinatra (>= 1.0.0)
      stupid_formatter (>= 0.2.0)

GEM
  remote: http://rubygems.org/
  specs:
    builder (3.2.0)
    coderay (1.0.9)
    daemons (1.1.9)
    eventmachine (1.0.0)
    i18n (0.6.4)
    rack (1.5.2)
    rack-protection (1.5.0)
      rack
    rake (0.9.2)
    rdiscount (2.0.7.2)
    sinatra (1.4.2)
      rack (~> 1.5, >= 1.5.2)
      rack-protection (~> 1.4)
      tilt (~> 1.3, >= 1.3.4)
    stupid_formatter (0.2.0)
      coderay (>= 0.9.0)
      rdiscount (>= 1.5.0)
    thin (1.5.0)
      daemons (>= 1.0.9)
      eventmachine (>= 0.12.6)
      rack (>= 1.0.0)
    tilt (1.3.7)

PLATFORMS
  ruby

DEPENDENCIES
  rake
  serious!
  thin
